GEM
  remote: https://rubygems.org/
  specs:
    ffi (1.9.10)
    jekyll-watch (1.3.0)
      listen (~> 3.0)
    kramdown (1.12.0)
    listen (3.0.4)
      rb-fsevent (>= 0.9.3)
      rb-inotify (>= 0.9)
    rb-fsevent (0.9.6)
    rb-inotify (0.9.5)
      ffi (>= 0.5.0)

PLATFORMS
  ruby

DEPENDENCIES
  jekyll-watch (~> 1.3)
  kramdown (~> 1.12)

BUNDLED WITH
   1.13.6
